GEM
  remote: http://rubygems.org/
  specs:
    bigdecimal (2.0.0)
    byebug (11.1.1)
    io-console (0.5.6)
    irb (1.2.3)
      reline (>= 0.0.1)
    pg (1.2.3)
    rack (2.2.2)
    reline (0.1.3)
      io-console (~> 0.5)
    webrick (1.6.0)

PLATFORMS
  ruby

DEPENDENCIES
  bigdecimal
  byebug
  irb
  pg
  rack
  webrick

RUBY VERSION
   ruby 2.6.6p146

BUNDLED WITH
   2.1.4
